PATH
  remote: .
  specs:
    mattock (0.0.1)
      tilt (> 0)
      valise (> 0)

GEM
  remote: http://judson:hEi4lOra@gems.lrdesign.com/
  remote: http://gemcutter.org/
  remote: http://gems.github.com/
  specs:
    corundum (0.0.6)
      bundler (~> 1.0.0)
      mailfactory (~> 1.4.0)
      nokogiri
      rake-rubygems (>= 0.2.0)
      rcov
      rspec (>= 2.0)
      simplecov (>= 0.5.4)
      yard
    diff-lcs (1.1.3)
    mailfactory (1.4.0)
      mime-types (>= 1.13.1)
    mime-types (1.17.2)
    multi_json (1.0.4)
    nokogiri (1.5.0)
    rake (0.9.2.2)
    rake-rubygems (0.2.0)
      rake (>= 0.8.7)
    rcov (0.9.11)
    rspec (2.8.0)
      rspec-core (~> 2.8.0)
      rspec-expectations (~> 2.8.0)
      rspec-mocks (~> 2.8.0)
    rspec-core (2.8.0)
    rspec-expectations (2.8.0)
      diff-lcs (~> 1.1.2)
    rspec-mocks (2.8.0)
    simplecov (0.5.4)
      multi_json (~> 1.0.3)
      simplecov-html (~> 0.5.3)
    simplecov-html (0.5.3)
    tilt (1.3.3)
    valise (0.3)
    yard (0.7.4)

PLATFORMS
  ruby

DEPENDENCIES
  corundum
  mattock!
  rake
