PATH
  remote: .
  specs:
    mattock (0.5.2)
      tilt (> 0)
      valise (>= 0.9.1)

PATH
  remote: ../corundum
  specs:
    corundum (0.1.2)
      bundler
      compass (>= 0.12.1)
      mailfactory (~> 1.4.0)
      mattock (>= 0.4.0)
      nokogiri
      rdoc
      rspec (>= 2.0)
      sass (>= 3.1)
      simplecov (>= 0.5.4)
      yard

GEM
  remote: http://rubygems.org/
  specs:
    cadre (0.0.3)
      thor (~> 0.18.1)
      tilt (~> 1.0)
      valise (~> 1.0)
    chunky_png (1.2.8)
    compass (0.12.2)
      chunky_png (~> 1.2)
      fssm (>= 0.2.7)
      sass (~> 3.1)
    diff-lcs (1.2.4)
    fssm (0.2.10)
    fuubar (1.0.0)
      rspec (~> 2.0)
      rspec-instafail (~> 0.2.0)
      ruby-progressbar (~> 0.0.10)
    json (1.8.0)
    mailfactory (1.4.0)
      mime-types (>= 1.13.1)
    mime-types (1.25)
    mini_portile (0.5.1)
    multi_json (1.8.1)
    nokogiri (1.6.0)
      mini_portile (~> 0.5.0)
    rake (10.1.0)
    rdoc (4.0.1)
      json (~> 1.4)
    redcarpet (2.1.1)
    rspec (2.14.1)
      rspec-core (~> 2.14.0)
      rspec-expectations (~> 2.14.0)
      rspec-mocks (~> 2.14.0)
    rspec-core (2.14.5)
    rspec-expectations (2.14.3)
      diff-lcs (>= 1.1.3, < 2.0)
    rspec-instafail (0.2.4)
    rspec-mocks (2.14.3)
    ruby-progressbar (0.0.10)
    sass (3.2.12)
    simplecov (0.7.1)
      multi_json (~> 1.0)
      simplecov-html (~> 0.7.1)
    simplecov-html (0.7.1)
    thor (0.18.1)
    tilt (1.4.1)
    valise (1.0.0)
    yard (0.8.7.2)

PLATFORMS
  ruby

DEPENDENCIES
  cadre
  corundum!
  fuubar
  mattock!
  rake
  redcarpet
